GEM
  remote: https://rubygems.org/
  specs:
    activemodel (5.2.2)
      activesupport (= 5.2.2)
    activerecord (5.2.2)
      activemodel (= 5.2.2)
      activesupport (= 5.2.2)
      arel (>= 9.0)
    activesupport (5.2.2)
      concurrent-ruby (~> 1.0, >= 1.0.2)
      i18n (>= 0.7, < 2)
      minitest (~> 5.1)
      tzinfo (~> 1.1)
    arel (9.0.0)
    backports (3.11.4)
    bond (0.5.1)
    chunky_png (1.3.11)
    concurrent-ruby (1.1.4)
    dropbox_api (0.1.15)
      faraday (>= 0.8, <= 0.15.2)
      oauth2 (>= 1.1, <= 1.4)
    faraday (0.12.2)
      multipart-post (>= 1.2, < 3)
    i18n (1.5.3)
      concurrent-ruby (~> 1.0)
    jwt (1.5.6)
    minitest (5.11.3)
    multi_json (1.13.1)
    multi_xml (0.6.0)
    multipart-post (2.0.0)
    mustermann (1.0.3)
    oauth2 (1.4.0)
      faraday (>= 0.8, < 0.13)
      jwt (~> 1.0)
      multi_json (~> 1.3)
      multi_xml (~> 0.5)
      rack (>= 1.2, < 3)
    pg (1.1.4)
    rack (2.0.6)
    rack-contrib (2.1.0)
      rack (~> 2.0)
    rack-protection (2.0.5)
      rack
    rack-test (1.1.0)
      rack (>= 1.0, < 3)
    rake (12.3.2)
    ripl (0.7.1)
      bond (~> 0.5.1)
    ripl-multi_line (0.3.1)
      ripl (>= 0.3.6)
    ripl-rack (0.2.0)
      rack (>= 1.0)
      rack-test (>= 0.5)
      ripl (>= 0.3.5)
    rmagick (2.16.0)
    rqrcode (0.10.1)
      chunky_png (~> 1.0)
    rqrcode_png (0.1.5)
      chunky_png
      rqrcode
    sinatra (2.0.5)
      mustermann (~> 1.0)
      rack (~> 2.0)
      rack-protection (= 2.0.5)
      tilt (~> 2.0)
    sinatra-activerecord (2.0.13)
      activerecord (>= 3.2)
      sinatra (>= 1.0)
    sinatra-contrib (2.0.5)
      backports (>= 2.8.2)
      multi_json
      mustermann (~> 1.0)
      rack-protection (= 2.0.5)
      sinatra (= 2.0.5)
      tilt (>= 1.3, < 3)
    sinatra-cross_origin (0.3.2)
    sqlite3 (1.3.13)
    thread_safe (0.3.6)
    tilt (2.0.9)
    tux (0.3.0)
      ripl (>= 0.3.5)
      ripl-multi_line (>= 0.2.4)
      ripl-rack (>= 0.2.0)
      sinatra (>= 1.2.1)
    tzinfo (1.2.5)
      thread_safe (~> 0.1)
    will_paginate (3.1.6)

PLATFORMS
  ruby

DEPENDENCIES
  activerecord
  chunky_png
  dropbox_api
  minitest
  pg
  rack-contrib
  rack-test
  rake
  rmagick
  rqrcode
  rqrcode_png
  sinatra
  sinatra-activerecord
  sinatra-contrib
  sinatra-cross_origin (~> 0.3.1)
  sqlite3
  tux
  will_paginate

RUBY VERSION
   ruby 2.5.1p57

BUNDLED WITH
   1.16.6
